PATH
  remote: .
  specs:
    pdfh (0.1.5)
      colorize (~> 0.8.1)

GEM
  remote: https://rubygems.org/
  specs:
    ansi (1.5.0)
    colorize (0.8.1)
    diff-lcs (1.3)
    docile (1.3.2)
    hirb (0.7.3)
    json (2.2.0)
    rake (10.5.0)
    rspec (3.8.0)
      rspec-core (~> 3.8.0)
      rspec-expectations (~> 3.8.0)
      rspec-mocks (~> 3.8.0)
    rspec-core (3.8.2)
      rspec-support (~> 3.8.0)
    rspec-expectations (3.8.4)
      diff-lcs (>= 1.2.0, < 2.0)
      rspec-support (~> 3.8.0)
    rspec-mocks (3.8.1)
      diff-lcs (>= 1.2.0, < 2.0)
      rspec-support (~> 3.8.0)
    rspec-support (3.8.2)
    simplecov (0.16.1)
      docile (~> 1.1)
      json (>= 1.8, < 3)
      simplecov-html (~> 0.10.0)
    simplecov-console (0.4.2)
      ansi
      hirb
      simplecov
    simplecov-html (0.10.2)

PLATFORMS
  ruby

DEPENDENCIES
  bundler (~> 1.17.2)
  pdfh!
  rake (~> 10.0)
  rspec (~> 3.0)
  simplecov (~> 0.16.1)
  simplecov-console (~> 0.4.2)

BUNDLED WITH
   1.17.2
